PATH
  remote: /Users/ach/Olympus/capistrano-olympus
  specs:
    capistrano-olympus (0.0.6)
      capistrano (~> 3.4)
      colorize (~> 0.7.7)
      sshkit-sudo (~> 0.1.0)

GEM
  remote: https://rubygems.org/
  specs:
    capistrano (3.4.0)
      i18n
      rake (>= 10.0.0)
      sshkit (~> 1.3)
    colorize (0.7.7)
    i18n (0.7.0)
    net-scp (1.2.1)
      net-ssh (>= 2.6.5)
    net-ssh (3.1.1)
    rake (11.1.2)
    sshkit (1.9.0)
      net-scp (>= 1.1.2)
      net-ssh (>= 2.8.0)
    sshkit-sudo (0.1.0)
      sshkit (~> 1.8)

PLATFORMS
  ruby

DEPENDENCIES
  capistrano (~> 3.4)
  capistrano-olympus!

BUNDLED WITH
   1.11.2
