GIT
  remote: git://github.com/capistrano/capistrano.git
  revision: 81cec13b777ff46348693d327fc8e7832f79bf44
  branch: master
  specs:
    capistrano (3.4.0)
      airbrussh (>= 1.0.0)
      i18n
      rake (>= 10.0.0)
      sshkit (>= 1.9.0)

GEM
  remote: https://rubygems.org/
  specs:
    airbrussh (1.0.1)
      sshkit (>= 1.6.1, != 1.7.0)
    capistrano-composer (0.0.6)
      capistrano (>= 3.0.0.pre)
    capistrano-olympus (0.0.3)
      capistrano (~> 3.4)
      capistrano-composer (~> 0.0.6)
      colorize (~> 0.7.7)
      sshkit-sudo (~> 0.1.0)
    colorize (0.7.7)
    i18n (0.7.0)
    net-scp (1.2.1)
      net-ssh (>= 2.6.5)
    net-ssh (3.1.1)
    rake (11.1.2)
    sshkit (1.9.0)
      net-scp (>= 1.1.2)
      net-ssh (>= 2.8.0)
    sshkit-sudo (0.1.0)
      sshkit (~> 1.8)

PLATFORMS
  ruby

DEPENDENCIES
  capistrano!
  capistrano-olympus (~> 0.0.3)

BUNDLED WITH
   1.11.2
